GIT
  remote: git://github.com/collectiveidea/delayed_job.git
  revision: 50d0d808ededd0a13eaf4f59dd2a6ed1e70d34b1
  specs:
    delayed_job (2.1.0.pre)
      daemons

GEM
  remote: http://rubygems.org/
  specs:
    addressable (2.2.0)
    daemons (1.1.0)
    data_objects (0.10.2)
      addressable (~> 2.1)
    dm-aggregates (1.0.0)
      dm-core (~> 1.0.0)
    dm-core (1.0.0)
      addressable (~> 2.1)
      extlib (~> 0.9.15)
    dm-do-adapter (1.0.0)
      data_objects (~> 0.10.1)
      dm-core (~> 1.0.0)
    dm-migrations (1.0.0)
      dm-core (~> 1.0.0)
    dm-observer (1.0.0)
      dm-core (~> 1.0.0)
    dm-sqlite-adapter (1.0.0)
      dm-do-adapter (~> 1.0.0)
      do_sqlite3 (~> 0.10.2)
    do_sqlite3 (0.10.2)
      data_objects (= 0.10.2)
    extlib (0.9.15)
    rake (0.8.7)
    rspec (1.3.0)

PLATFORMS
  ruby

DEPENDENCIES
  delayed_job!
  dm-aggregates
  dm-core
  dm-migrations
  dm-observer
  dm-sqlite-adapter
  rake
  rspec
